PATH
  remote: .
  specs:
    asynchronous (2.1.0)
      process_shared

GEM
  remote: http://rubygems.org/
  specs:
    columnize (0.3.6)
    debugger (1.6.2)
      columnize (>= 0.3.1)
      debugger-linecache (~> 1.2.0)
      debugger-ruby_core_source (~> 1.2.3)
    debugger-linecache (1.2.0)
    debugger-ruby_core_source (1.2.3)
    ffi (1.9.3)
    process_shared (0.2.0)
      ffi (~> 1.0)

PLATFORMS
  ruby

DEPENDENCIES
  asynchronous!
  debugger
