PATH
  remote: .
  specs:
    asynchronous (4.0.0.pre)

GEM
  remote: http://rubygems.org/
  specs:

PLATFORMS
  ruby

DEPENDENCIES
  asynchronous!
