PATH
  remote: .
  specs:
    asynchronous (4.0.0)

GEM
  remote: http://rubygems.org/
  specs:
    ffi (1.9.3)
    process_shared (0.2.0)
      ffi (~> 1.0)

PLATFORMS
  ruby

DEPENDENCIES
  asynchronous!
  process_shared
